GIT
  remote: git://github.com/seyhunak/twitter-bootstrap-rails.git
  revision: c6893c3db02108bcdee7f8f333531b99806779ac
  specs:
    twitter-bootstrap-rails (3.2.2)
      actionpack (>= 3.1)
      execjs (>= 2.2.2, >= 2.2)
      less-rails (>= 2.5.0)
      railties (>= 3.1)

GEM
  remote: https://rubygems.org/
  specs:
    actionmailer (3.2.14)
      actionpack (= 3.2.14)
      mail (~> 2.5.4)
    actionpack (3.2.14)
      activemodel (= 3.2.14)
      activesupport (= 3.2.14)
      builder (~> 3.0.0)
      erubis (~> 2.7.0)
      journey (~> 1.0.4)
      rack (~> 1.4.5)
      rack-cache (~> 1.2)
      rack-test (~> 0.6.1)
      sprockets (~> 2.2.1)
    activemodel (3.2.14)
      activesupport (= 3.2.14)
      builder (~> 3.0.0)
    activerecord (3.2.14)
      activemodel (= 3.2.14)
      activesupport (= 3.2.14)
      arel (~> 3.0.2)
      tzinfo (~> 0.3.29)
    activeresource (3.2.14)
      activemodel (= 3.2.14)
      activesupport (= 3.2.14)
    activesupport (3.2.14)
      i18n (~> 0.6, >= 0.6.4)
      multi_json (~> 1.0)
    addressable (2.4.0)
    arel (3.0.3)
    buftok (0.2.0)
    builder (3.0.4)
    coffee-rails (3.2.2)
      coffee-script (>= 2.2.0)
      railties (~> 3.2.0)
    coffee-script (2.4.1)
      coffee-script-source
      execjs
    coffee-script-source (1.10.0)
    commonjs (0.2.7)
    domain_name (0.5.20160310)
      unf (>= 0.0.5, < 1.0.0)
    equalizer (0.0.10)
    erubis (2.7.0)
    execjs (2.6.0)
    faraday (0.9.2)
      multipart-post (>= 1.2, < 3)
    hike (1.2.3)
    http (1.0.4)
      addressable (~> 2.3)
      http-cookie (~> 1.0)
      http-form_data (~> 1.0.1)
      http_parser.rb (~> 0.6.0)
    http-cookie (1.0.2)
      domain_name (~> 0.5)
    http-form_data (1.0.1)
    http_parser.rb (0.6.0)
    i18n (0.7.0)
    journey (1.0.4)
    jquery-rails (3.1.4)
      railties (>= 3.0, < 5.0)
      thor (>= 0.14, < 2.0)
    json (1.8.3)
    kgio (2.10.0)
    less (2.6.0)
      commonjs (~> 0.2.7)
    less-rails (2.6.0)
      actionpack (>= 3.1)
      less (~> 2.6.0)
    libv8 (3.16.14.13)
    mail (2.5.4)
      mime-types (~> 1.16)
      treetop (~> 1.4.8)
    memcache-client (1.8.5)
    memoizable (0.4.2)
      thread_safe (~> 0.3, >= 0.3.1)
    mime-types (1.25.1)
    multi_json (1.11.3)
    multipart-post (2.0.0)
    naught (1.1.0)
    pg (0.18.4)
    polyglot (0.3.5)
    power_assert (0.2.7)
    rack (1.4.7)
    rack-cache (1.6.1)
      rack (>= 0.4)
    rack-ssl (1.3.4)
      rack
    rack-test (0.6.3)
      rack (>= 1.0)
    rails (3.2.14)
      actionmailer (= 3.2.14)
      actionpack (= 3.2.14)
      activerecord (= 3.2.14)
      activeresource (= 3.2.14)
      activesupport (= 3.2.14)
      bundler (~> 1.0)
      railties (= 3.2.14)
    rails_12factor (0.0.3)
      rails_serve_static_assets
      rails_stdout_logging
    rails_autolink (1.1.6)
      rails (> 3.1)
    rails_serve_static_assets (0.0.5)
    rails_stdout_logging (0.0.5)
    railties (3.2.14)
      actionpack (= 3.2.14)
      activesupport (= 3.2.14)
      rack-ssl (~> 1.3.2)
      rake (>= 0.8.7)
      rdoc (~> 3.4)
      thor (>= 0.14.6, < 2.0)
    raindrops (0.16.0)
    rake (11.1.2)
    rdoc (3.12.2)
      json (~> 1.4)
    ref (2.0.0)
    sass (3.4.22)
    sass-rails (3.2.6)
      railties (~> 3.2.0)
      sass (>= 3.1.10)
      tilt (~> 1.3)
    simple_oauth (0.3.1)
    sprockets (2.2.3)
      hike (~> 1.2)
      multi_json (~> 1.0)
      rack (~> 1.0)
      tilt (~> 1.1, != 1.3.0)
    sqlite3 (1.3.11)
    test-unit (3.1.8)
      power_assert
    therubyracer (0.12.2)
      libv8 (~> 3.16.14.0)
      ref
    thor (0.19.1)
    thread_safe (0.3.5)
    tilt (1.4.1)
    treetop (1.4.15)
      polyglot
      polyglot (>= 0.3.1)
    twitter (5.16.0)
      addressable (~> 2.3)
      buftok (~> 0.2.0)
      equalizer (= 0.0.10)
      faraday (~> 0.9.0)
      http (~> 1.0)
      http_parser.rb (~> 0.6.0)
      json (~> 1.8)
      memoizable (~> 0.4.0)
      naught (~> 1.0)
      simple_oauth (~> 0.3.0)
    tzinfo (0.3.49)
    uglifier (3.0.0)
      execjs (>= 0.3.0, < 3)
    unf (0.1.4)
      unf_ext
    unf_ext (0.0.7.2)
    unicorn (5.1.0)
      kgio (~> 2.6)
      raindrops (~> 0.7)

PLATFORMS
  ruby

DEPENDENCIES
  coffee-rails (~> 3.2.1)
  jquery-rails
  less-rails
  memcache-client
  pg
  rails (= 3.2.14)
  rails_12factor
  rails_autolink
  sass-rails (~> 3.2.3)
  sqlite3
  test-unit
  therubyracer
  twitter
  twitter-bootstrap-rails!
  uglifier (>= 1.0.3)
  unicorn

BUNDLED WITH
   1.11.2
